GEM
  remote: http://rubygems.org/
  specs:
    actionmailer (2.3.11)
      actionpack (= 2.3.11)
    actionpack (2.3.11)
      activesupport (= 2.3.11)
      rack (~> 1.1.0)
    activerecord (2.3.11)
      activesupport (= 2.3.11)
    activeresource (2.3.11)
      activesupport (= 2.3.11)
    activesupport (2.3.11)
    acts_as_tree (0.1.1)
    aws-s3 (0.6.2)
      builder
      mime-types
      xml-simple
    builder (2.1.2)
    fastercsv (1.5.4)
    geokit (1.5.0)
    mime-types (1.16)
    mysql (2.8.1)
    paperclip (2.3.8)
      activerecord
      activesupport
    rack (1.1.0)
    rails (2.3.11)
      actionmailer (= 2.3.11)
      actionpack (= 2.3.11)
      activerecord (= 2.3.11)
      activeresource (= 2.3.11)
      activesupport (= 2.3.11)
      rake (>= 0.8.3)
    rake (0.8.7)
    xml-simple (1.0.12)

PLATFORMS
  ruby

DEPENDENCIES
  acts_as_tree
  aws-s3
  fastercsv
  geokit
  mysql
  paperclip
  rails (~> 2.3.11)
